PATH
  remote: .
  specs:
    paradoxical (0.1.0)
      rutie (~> 0.0.4)

GEM
  remote: https://rubygems.org/
  specs:
    rake (10.5.0)
    rutie (0.0.4)

PLATFORMS
  ruby

DEPENDENCIES
  bundler (~> 1.16)
  paradoxical!
  rake (~> 10.0)

BUNDLED WITH
   1.16.6
